PATH
  remote: .
  specs:
    committee (0.4.14)
      json_schema (> 0.0)
      multi_json (> 0.0)
      rack (> 0.0)

GEM
  remote: https://rubygems.org/
  specs:
    json_schema (0.0.7)
    minitest (5.3.2)
    multi_json (1.10.0)
    rack (1.5.2)
    rack-test (0.6.2)
      rack (>= 1.0)
    rake (10.2.2)
    rr (1.1.2)

PLATFORMS
  ruby

DEPENDENCIES
  committee!
  minitest
  rack-test
  rake
  rr
