PATH
  remote: ..
  specs:
    committee (2.1.1)
      json_schema (~> 0.14, >= 0.14.3)
      rack (>= 1.5)

GEM
  remote: https://rubygems.org/
  specs:
    json_schema (0.19.1)
    mustermann (1.0.2)
    rack (2.0.5)
    rack-protection (2.0.3)
      rack
    sinatra (2.0.3)
      mustermann (~> 1.0)
      rack (~> 2.0)
      rack-protection (= 2.0.3)
      tilt (~> 2.0)
    tilt (2.0.8)

PLATFORMS
  ruby

DEPENDENCIES
  committee!
  sinatra

BUNDLED WITH
   1.16.3
